PATH
  remote: .
  specs:
    nlexch_client (0.1.0)
      faye-websocket (~> 0.9.2)

GEM
  remote: https://rubygems.org/
  specs:
    eventmachine (1.2.7)
    faye-websocket (0.9.2)
      eventmachine (>= 0.12.0)
      websocket-driver (>= 0.5.1)
    minitest (5.5.1)
    rake (13.0.1)
    websocket-driver (0.7.1)
      websocket-extensions (>= 0.1.0)
    websocket-extensions (0.1.4)

PLATFORMS
  ruby

DEPENDENCIES
  minitest (~> 5.5.1)
  nlexch_client!
  rake
